GEM
  remote: https://rubygems.org/
  specs:
    rbs (2.2.2)
    typeprof (0.21.2)
      rbs (>= 1.8.1)

PLATFORMS
  x86_64-darwin-20
  x86_64-darwin-21

DEPENDENCIES
  rbs
  typeprof

BUNDLED WITH
   2.3.6
